GEM
  remote: http://ruby.taobao.org/
  specs:
    bubble-wrap (1.3.0)
    motion-layout (0.0.1)
    motion_model (0.2.6)
    teacup (2.0.5)

PLATFORMS
  ruby

DEPENDENCIES
  bubble-wrap (~> 1.3.0)
  motion-layout
  motion_model
  teacup
